PATH
  remote: .
  specs:
    sffftp (0.0.1)
      net-sftp

GEM
  remote: http://rubygems.org/
  specs:
    net-sftp (2.1.2)
      net-ssh (>= 2.6.5)
    net-ssh (2.6.6)
    test-unit (2.5.2)

PLATFORMS
  ruby

DEPENDENCIES
  sffftp!
  test-unit (= 2.5.2)
