PATH
  remote: .
  specs:
    sffftp (0.0.3)
      net-sftp

GEM
  remote: http://rubygems.org/
  specs:
    net-sftp (2.1.1)
      net-ssh (>= 2.6.5)
    net-ssh (2.6.7)
    rr (1.1.1)
    test-unit (2.5.2)
    test-unit-rr (1.0.2)
      rr (>= 1.0.2)
      test-unit (>= 2.5.2)

PLATFORMS
  ruby

DEPENDENCIES
  sffftp!
  test-unit (= 2.5.2)
  test-unit-rr
